PATH
  remote: .
  specs:
    pusher-chatkit-server (1.9.1)
      pusher-platform (~> 0.11.2)

GEM
  remote: https://rubygems.org/
  specs:
    diff-lcs (1.3)
    excon (0.62.0)
    jwt (2.2.1)
    pusher-platform (0.11.2)
      excon (~> 0.62.0)
      jwt (~> 2.1)
    rake (12.3.1)
    rspec (3.8.0)
      rspec-core (~> 3.8.0)
      rspec-expectations (~> 3.8.0)
      rspec-mocks (~> 3.8.0)
    rspec-core (3.8.0)
      rspec-support (~> 3.8.0)
    rspec-expectations (3.8.1)
      diff-lcs (>= 1.2.0, < 2.0)
      rspec-support (~> 3.8.0)
    rspec-mocks (3.8.0)
      diff-lcs (>= 1.2.0, < 2.0)
      rspec-support (~> 3.8.0)
    rspec-support (3.8.0)

PLATFORMS
  ruby

DEPENDENCIES
  pusher-chatkit-server!
  rake
  rspec

BUNDLED WITH
   2.0.2
